GEM
  remote: https://rubygems.org/
  specs:
    chunky_png (1.3.4)

PLATFORMS
  ruby

DEPENDENCIES
  chunky_png
